GEM
  remote: https://rubygems.org/
  specs:
    ast (2.4.0)
    diff-lcs (1.3)
    docile (1.3.2)
    parallel (1.19.1)
    parser (2.7.0.5)
      ast (~> 2.4.0)
    powerpack (0.1.2)
    rainbow (2.2.2)
      rake
    rake (13.0.1)
    rspec (3.9.0)
      rspec-core (~> 3.9.0)
      rspec-expectations (~> 3.9.0)
      rspec-mocks (~> 3.9.0)
    rspec-core (3.9.1)
      rspec-support (~> 3.9.1)
    rspec-expectations (3.9.1)
      diff-lcs (>= 1.2.0, < 2.0)
      rspec-support (~> 3.9.0)
    rspec-mocks (3.9.1)
      diff-lcs (>= 1.2.0, < 2.0)
      rspec-support (~> 3.9.0)
    rspec-support (3.9.2)
    rubocop (0.49.1)
      parallel (~> 1.10)
      parser (>= 2.3.3.1, < 3.0)
      powerpack (~> 0.1)
      rainbow (>= 1.99.1, < 3.0)
      ruby-progressbar (~> 1.7)
      unicode-display_width (~> 1.0, >= 1.0.1)
    ruby-progressbar (1.10.1)
    simplecov (0.18.5)
      docile (~> 1.1)
      simplecov-html (~> 0.11)
    simplecov-html (0.12.2)
    unicode-display_width (1.7.0)

PLATFORMS
  ruby

DEPENDENCIES
  rspec
  rubocop (~> 0.49.0)
  simplecov

RUBY VERSION
   ruby 2.6.3p62

BUNDLED WITH
   2.1.4
